GIT
  remote: https://github.com/Tak/shortbus
  revision: 716b5971a7c42151feb66786b24cbd77e1db5de5
  branch: trunk
  specs:
    shortbus (0.1.0)
      rexml
      ruby-dbus

GIT
  remote: https://github.com/Tak/urika
  revision: 716aeb67368a8809726d8e1436c1bd6bb08fd6df
  branch: trunk
  specs:
    urika (0.1.0)

PATH
  remote: .
  specs:
    unledge (0.1.0)
      json
      nokogiri (>= 1.10.4)

GEM
  remote: https://rubygems.org/
  specs:
    diff-lcs (1.4.4)
    json (2.5.1)
    nokogiri (1.12.5-x86_64-linux)
      racc (~> 1.4)
    racc (1.5.2)
    rake (13.0.6)
    rexml (3.2.5)
    rspec (3.10.0)
      rspec-core (~> 3.10.0)
      rspec-expectations (~> 3.10.0)
      rspec-mocks (~> 3.10.0)
    rspec-core (3.10.1)
      rspec-support (~> 3.10.0)
    rspec-expectations (3.10.1)
      diff-lcs (>= 1.2.0, < 2.0)
      rspec-support (~> 3.10.0)
    rspec-mocks (3.10.2)
      diff-lcs (>= 1.2.0, < 2.0)
      rspec-support (~> 3.10.0)
    rspec-support (3.10.2)
    ruby-dbus (0.16.0)

PLATFORMS
  x86_64-linux

DEPENDENCIES
  bundler (~> 2)
  rake (~> 13.0)
  rspec (~> 3.0)
  shortbus!
  unledge!
  urika!

BUNDLED WITH
   2.2.15
