GIT
  remote: https://github.com/Tak/shortbus
  revision: 8e3ca4dc806eca45793bddf528f0795e496982a9
  branch: master
  specs:
    shortbus (0.1.0)
      ruby-dbus

GIT
  remote: https://github.com/Tak/urika
  revision: 6611b0c7b3ac8c2d12619bddf8faffb898d7cecf
  branch: master
  specs:
    urika (0.1.0)

PATH
  remote: .
  specs:
    unledge (0.1.0)
      json
      nokogiri

GEM
  remote: https://rubygems.org/
  specs:
    diff-lcs (1.3)
    json (2.1.0)
    mini_portile2 (2.3.0)
    nokogiri (1.8.4)
      mini_portile2 (~> 2.3.0)
    rake (10.5.0)
    rspec (3.8.0)
      rspec-core (~> 3.8.0)
      rspec-expectations (~> 3.8.0)
      rspec-mocks (~> 3.8.0)
    rspec-core (3.8.0)
      rspec-support (~> 3.8.0)
    rspec-expectations (3.8.1)
      diff-lcs (>= 1.2.0, < 2.0)
      rspec-support (~> 3.8.0)
    rspec-mocks (3.8.0)
      diff-lcs (>= 1.2.0, < 2.0)
      rspec-support (~> 3.8.0)
    rspec-support (3.8.0)
    ruby-dbus (0.15.0)

PLATFORMS
  ruby

DEPENDENCIES
  bundler (~> 1.16)
  rake (~> 10.0)
  rspec (~> 3.0)
  shortbus!
  unledge!
  urika!

BUNDLED WITH
   1.16.4
