GIT
  remote: https://github.com/Tak/shortbus
  revision: 97d73b2cfcf5003f1c999ebdbe9fb5205a17759c
  branch: trunk
  specs:
    shortbus (0.1.0)
      ruby-dbus

GIT
  remote: https://github.com/Tak/urika
  revision: 716aeb67368a8809726d8e1436c1bd6bb08fd6df
  branch: trunk
  specs:
    urika (0.1.0)

PATH
  remote: .
  specs:
    unledge (0.1.0)
      json
      nokogiri (>= 1.10.4)

GEM
  remote: https://rubygems.org/
  specs:
    diff-lcs (1.3)
    json (2.3.1)
    mini_portile2 (2.5.0)
    nokogiri (1.11.1)
      mini_portile2 (~> 2.5.0)
      racc (~> 1.4)
    racc (1.5.2)
    rake (13.0.1)
    rspec (3.8.0)
      rspec-core (~> 3.8.0)
      rspec-expectations (~> 3.8.0)
      rspec-mocks (~> 3.8.0)
    rspec-core (3.8.0)
      rspec-support (~> 3.8.0)
    rspec-expectations (3.8.1)
      diff-lcs (>= 1.2.0, < 2.0)
      rspec-support (~> 3.8.0)
    rspec-mocks (3.8.0)
      diff-lcs (>= 1.2.0, < 2.0)
      rspec-support (~> 3.8.0)
    rspec-support (3.8.0)
    ruby-dbus (0.16.0)

PLATFORMS
  ruby

DEPENDENCIES
  bundler (~> 1.16)
  rake (~> 13.0)
  rspec (~> 3.0)
  shortbus!
  unledge!
  urika!

BUNDLED WITH
   1.17.3
